GIT
  remote: git://github.com/jameszhan/mongoid_ext.git
  revision: 23d76789ebed84eb236a2a7b04872cd9b29ac4b7
  specs:
    mongoid_ext (0.8.0)
      differ (>= 0.1.2)
      encryptor (~> 1.1.3)
      i18n
      mongoid (~> 3)
      mongoid-grid_fs
      rack
      tzinfo
      uuidtools (>= 2.1.1)

GIT
  remote: git://github.com/jameszhan/xapit.git
  revision: 5e52d735649167f05e58b93b3e206838cc64d599
  specs:
    xapit (0.3.0)
      rack

GEM
  remote: http://rubygems.org/
  specs:
    POpen4 (0.1.4)
      Platform (>= 0.4.0)
      open4
    Platform (0.4.0)
    ZenTest (4.8.2)
    actionmailer (3.2.8)
      actionpack (= 3.2.8)
      mail (~> 2.4.4)
    actionpack (3.2.8)
      activemodel (= 3.2.8)
      activesupport (= 3.2.8)
      builder (~> 3.0.0)
      erubis (~> 2.7.0)
      journey (~> 1.0.4)
      rack (~> 1.4.0)
      rack-cache (~> 1.2)
      rack-test (~> 0.6.1)
      sprockets (~> 2.1.3)
    activemodel (3.2.8)
      activesupport (= 3.2.8)
      builder (~> 3.0.0)
    activerecord (3.2.8)
      activemodel (= 3.2.8)
      activesupport (= 3.2.8)
      arel (~> 3.0.2)
      tzinfo (~> 0.3.29)
    activeresource (3.2.8)
      activemodel (= 3.2.8)
      activesupport (= 3.2.8)
    activesupport (3.2.8)
      i18n (~> 0.6)
      multi_json (~> 1.0)
    addressable (2.3.2)
    arel (3.0.2)
    autotest (4.4.6)
      ZenTest (>= 4.4.1)
    bcrypt-ruby (3.0.1)
    builder (3.0.4)
    capistrano (2.9.0)
      highline
      net-scp (>= 1.0.0)
      net-sftp (>= 2.0.0)
      net-ssh (>= 2.0.14)
      net-ssh-gateway (>= 1.1.0)
    capybara (1.1.3)
      mime-types (>= 1.16)
      nokogiri (>= 1.3.3)
      rack (>= 1.0.0)
      rack-test (>= 0.5.4)
      selenium-webdriver (~> 2.0)
      xpath (~> 0.1.4)
    capybara-webkit (0.12.1)
      capybara (>= 1.0.0, < 1.2)
      json
    childprocess (0.3.6)
      ffi (~> 1.0, >= 1.0.6)
    chronic (0.6.7)
    chunky_png (1.2.6)
    coderay (1.0.8)
    coffee-rails (3.2.2)
      coffee-script (>= 2.2.0)
      railties (~> 3.2.0)
    coffee-script (2.2.0)
      coffee-script-source
      execjs
    coffee-script-source (1.4.0)
    compass (0.12.2)
      chunky_png (~> 1.2)
      fssm (>= 0.2.7)
      sass (~> 3.1)
    compass-colors (0.9.0)
      compass (>= 0.8.7)
    compass-rails (1.0.3)
      compass (>= 0.12.2, < 0.14)
    daemons (1.1.9)
    database_cleaner (0.9.1)
    devise (2.1.2)
      bcrypt-ruby (~> 3.0)
      orm_adapter (~> 0.1)
      railties (~> 3.1)
      warden (~> 1.2.1)
    devise-encryptable (0.1.1)
      devise (>= 2.1.0.rc)
    diff-lcs (1.1.3)
    differ (0.1.2)
    domain_name (0.5.4)
      unf (~> 0.0.3)
    dynamic_form (1.1.4)
    em-websocket (0.3.8)
      addressable (>= 2.1.1)
      eventmachine (>= 0.12.9)
    encryptor (1.1.3)
    erubis (2.7.0)
    eventmachine (0.12.10)
    execjs (1.4.0)
      multi_json (~> 1.0)
    fabrication (2.5.0)
    fancy-buttons (1.1.1)
      compass (>= 0.11)
    ffaker (1.15.0)
    ffi (1.1.5)
    fssm (0.2.9)
    geoip (1.2.0)
    goalie (0.0.4)
      actionpack (>= 3.0.0)
      activesupport (>= 3.0.0)
    haml (3.1.7)
    hashie (1.2.0)
    highline (1.6.15)
    hike (1.2.1)
    hpricot (0.8.6)
    i18n (0.6.1)
    jammit (0.6.5)
      yui-compressor (>= 0.9.3)
    journey (1.0.4)
    jquery-rails (2.1.3)
      railties (>= 3.1.0, < 5.0)
      thor (~> 0.14)
    json (1.7.5)
    kaminari (0.14.1)
      actionpack (>= 3.0.0)
      activesupport (>= 3.0.0)
    kgio (2.7.4)
    launchy (2.1.2)
      addressable (~> 2.3)
    libv8 (3.3.10.4)
    libwebsocket (0.1.5)
      addressable
    magic (0.2.6)
      ffi (>= 0.6.3)
    mail (2.4.4)
      i18n (>= 0.4.0)
      mime-types (~> 1.16)
      treetop (~> 1.4.8)
    maruku (0.6.1)
      syntax (>= 1.0.0)
    mechanize (2.5.1)
      domain_name (~> 0.5, >= 0.5.1)
      mime-types (~> 1.17, >= 1.17.2)
      net-http-digest_auth (~> 1.1, >= 1.1.1)
      net-http-persistent (~> 2.5, >= 2.5.2)
      nokogiri (~> 1.4)
      ntlm-http (~> 0.1, >= 0.1.1)
      webrobots (~> 0.0, >= 0.0.9)
    method_source (0.8.1)
    mime-types (1.19)
    mini_magick (2.3)
      subexec (~> 0.0.4)
    mongoid (3.0.10)
      activemodel (~> 3.1)
      moped (~> 1.1)
      origin (~> 1.0)
      tzinfo (~> 0.3.22)
    mongoid-grid_fs (1.3.3)
      mime-types (~> 1.19)
      mongoid (~> 3.0)
    moped (1.2.7)
    multi_json (1.3.6)
    mustache (0.99.4)
    net-http-digest_auth (1.2.1)
    net-http-persistent (2.8)
    net-scp (1.0.4)
      net-ssh (>= 1.99.1)
    net-sftp (2.0.5)
      net-ssh (>= 2.0.9)
    net-ssh (2.6.1)
    net-ssh-gateway (1.1.0)
      net-ssh (>= 1.99.1)
    niftier-generators (0.1.2)
    nokogiri (1.5.5)
    ntlm-http (0.1.1)
    omniauth (1.1.1)
      hashie (~> 1.2)
      rack
    open4 (1.3.0)
    origin (1.0.9)
    orm_adapter (0.4.0)
    pdfkit (0.5.2)
    polyglot (0.3.3)
    pry (0.9.10)
      coderay (~> 1.0.5)
      method_source (~> 0.8)
      slop (~> 3.3.1)
    pry-rails (0.2.2)
      pry (>= 0.9.10)
    rack (1.4.1)
    rack-cache (1.2)
      rack (>= 0.4)
    rack-recaptcha (0.2.2)
      json
    rack-ssl (1.3.2)
      rack
    rack-test (0.6.2)
      rack (>= 1.0)
    rails (3.2.8)
      actionmailer (= 3.2.8)
      actionpack (= 3.2.8)
      activerecord (= 3.2.8)
      activeresource (= 3.2.8)
      activesupport (= 3.2.8)
      bundler (~> 1.0)
      railties (= 3.2.8)
    railties (3.2.8)
      actionpack (= 3.2.8)
      activesupport (= 3.2.8)
      rack-ssl (~> 1.3.2)
      rake (>= 0.8.7)
      rdoc (~> 3.4)
      thor (>= 0.14.6, < 2.0)
    raindrops (0.10.0)
    rake (0.9.2.2)
    rdoc (3.12)
      json (~> 1.4)
    redis (3.0.2)
    redis-actionpack (3.2.3)
      actionpack (~> 3.2.3)
      redis-rack (~> 1.4.0)
      redis-store (~> 1.1.0)
    redis-activesupport (3.2.3)
      activesupport (~> 3.2.3)
      redis-store (~> 1.1.0)
    redis-rack (1.4.2)
      rack (~> 1.4.1)
      redis-store (~> 1.1.0)
    redis-rails (3.2.3)
      redis-actionpack (~> 3.2.3)
      redis-activesupport (~> 3.2.3)
      redis-store (~> 1.1.0)
    redis-store (1.1.3)
      redis (>= 2.2.0)
    remarkable (4.0.0.alpha4)
      rspec (>= 2.0.0.alpha11)
    remarkable_activemodel (4.0.0.alpha4)
      remarkable (~> 4.0.0.alpha4)
      rspec (>= 2.0.0.alpha11)
    remarkable_mongoid (0.6.0)
      remarkable_activemodel (~> 4.0.0.alpha4)
    rest-client (1.6.7)
      mime-types (>= 1.16)
    rinku (1.2.2)
    rspec (2.11.0)
      rspec-core (~> 2.11.0)
      rspec-expectations (~> 2.11.0)
      rspec-mocks (~> 2.11.0)
    rspec-core (2.11.1)
    rspec-expectations (2.11.3)
      diff-lcs (~> 1.1.3)
    rspec-mocks (2.11.3)
    rspec-rails (2.11.4)
      actionpack (>= 3.0)
      activesupport (>= 3.0)
      railties (>= 3.0)
      rspec (~> 2.11.0)
    ruby-prof (0.11.2)
    ruby-stemmer (0.8.5)
    ruby_parser (2.3.1)
      sexp_processor (~> 3.0)
    rubyzip (0.9.4)
    sanitize (2.0.3)
      nokogiri (>= 1.4.4, < 1.6)
    sass (3.2.1)
    sass-rails (3.2.5)
      railties (~> 3.2.0)
      sass (>= 3.1.10)
      tilt (~> 1.3)
    selenium-webdriver (2.25.0)
      childprocess (>= 0.2.5)
      libwebsocket (~> 0.1.3)
      multi_json (~> 1.0)
      rubyzip
    sexp_processor (3.2.0)
    simplecov (0.7.1)
      multi_json (~> 1.0)
      simplecov-html (~> 0.7.1)
    simplecov-html (0.7.1)
    slop (3.3.3)
    sprockets (2.1.3)
      hike (~> 1.2)
      rack (~> 1.0)
      tilt (~> 1.1, != 1.3.0)
    state_machine (1.1.2)
    stripe (1.7.6)
      multi_json (~> 1.1)
      rest-client (~> 1.4)
    subexec (0.0.4)
    syntax (1.0.0)
    therubyracer (0.10.2)
      libv8 (~> 3.3.10)
    thin (1.5.0)
      daemons (>= 1.0.9)
      eventmachine (>= 0.12.6)
      rack (>= 1.0.0)
    thor (0.16.0)
    tilt (1.3.3)
    treetop (1.4.12)
      polyglot
      polyglot (>= 0.3.1)
    tzinfo (0.3.34)
    uglifier (1.3.0)
      execjs (>= 0.3.0)
      multi_json (~> 1.0, >= 1.0.2)
    unf (0.0.5)
      unf_ext
    unf_ext (0.0.5)
    unicorn (4.1.1)
      kgio (~> 2.4)
      rack
      raindrops (~> 0.6)
    uuidtools (2.1.3)
    warden (1.2.1)
      rack (>= 1.0)
    webrobots (0.0.13)
    whatlanguage (1.0.0)
    whenever (0.7.3)
      activesupport (>= 2.3.4)
      chronic (~> 0.6.3)
    xapian-ruby (1.2.7.1)
    xpath (0.1.4)
      nokogiri (~> 1.3)
    yui-compressor (0.9.6)
      POpen4 (>= 0.1.4)

PLATFORMS
  ruby

DEPENDENCIES
  autotest
  capistrano (= 2.9.0)
  capybara
  capybara-webkit
  coffee-rails (~> 3.2.1)
  compass-colors (= 0.9.0)
  compass-rails
  database_cleaner
  devise
  devise-encryptable
  dynamic_form
  em-websocket (~> 0.3.0)
  eventmachine (~> 0.12.10)
  fabrication
  fancy-buttons (= 1.1.1)
  ffaker
  geoip
  goalie (~> 0.0.4)
  haml (>= 3.1.3)
  hpricot
  jammit
  jquery-rails
  kaminari
  launchy
  magic
  maruku
  mechanize
  mini_magick (~> 2.3)
  mongoid
  mongoid-grid_fs
  mongoid_ext!
  mustache
  niftier-generators (= 0.1.2)
  nokogiri
  omniauth (= 1.1.1)
  orm_adapter
  pdfkit
  pry
  pry-rails
  rack-recaptcha (= 0.2.2)
  rack-ssl
  rails (= 3.2.8)
  redis
  redis-rails
  redis-store
  remarkable_mongoid (>= 0.5.0)
  rinku (~> 1.2.2)
  rspec (>= 2.0.1)
  rspec-rails (>= 2.0.1)
  ruby-prof
  ruby-stemmer (~> 0.8.2)
  ruby_parser
  rubyzip (= 0.9.4)
  sanitize (= 2.0.3)
  sass (>= 3.1.10)
  sass-rails (~> 3.2.3)
  simplecov
  state_machine (= 1.1.2)
  stripe
  therubyracer
  thin
  uglifier (>= 1.0.3)
  unicorn (= 4.1.1)
  uuidtools (~> 2.1.1)
  whatlanguage (= 1.0.0)
  whenever
  xapian-ruby (= 1.2.7.1)
  xapit!
  yui-compressor
